PATH
  remote: .
  specs:
    flutie (2.0.0)

GEM
  remote: https://rubygems.org/
  specs:
    appraisal (0.5.2)
      bundler
      rake
    diff-lcs (1.2.5)
    rake (10.1.1)
    rspec-core (2.14.8)
    rspec-expectations (2.14.5)
      diff-lcs (>= 1.1.3, < 2.0)
    rspec-mocks (2.14.6)

PLATFORMS
  ruby

DEPENDENCIES
  appraisal
  flutie!
  rspec-core
  rspec-expectations
  rspec-mocks
